GIT
  remote: git@github.com:makevoid/bitcoin-client
  revision: 33a5ac809d8b1535065dc4037bae639e6c24da1b
  specs:
    bitcoin-client (0.0.3)
      rest-client

GEM
  remote: http://rubygems.org/
  specs:
    blizz (0.2)
    celluloid (0.15.2)
      timers (~> 1.1.0)
    coderay (1.1.0)
    coffee-script (2.2.0)
      coffee-script-source
      execjs
    coffee-script-source (1.7.0)
    em-websocket (0.5.1)
      eventmachine (>= 0.12.9)
      http_parser.rb (~> 0.6.0)
    eventmachine (1.0.3)
    execjs (2.2.1)
    ffi (1.9.3)
    formatador (0.2.5)
    guard (2.6.1)
      formatador (>= 0.2.4)
      listen (~> 2.7)
      lumberjack (~> 1.0)
      pry (>= 0.9.12)
      thor (>= 0.18.1)
    guard-coffeescript (1.4.0)
      coffee-script (>= 2.2.0)
      guard (>= 1.1.0)
    guard-livereload (2.3.0)
      em-websocket (~> 0.5)
      guard (~> 2.0)
      multi_json (~> 1.8)
    guard-sass (1.4.0)
      guard (>= 1.1.0)
      sass (>= 3.1)
    haml (4.0.5)
      tilt
    http_parser.rb (0.6.0)
    json (1.8.1)
    listen (2.7.9)
      celluloid (>= 0.15.2)
      rb-fsevent (>= 0.9.3)
      rb-inotify (>= 0.9)
    lumberjack (1.0.9)
    method_source (0.8.2)
    mime-types (2.3)
    multi_json (1.10.1)
    pry (0.10.0)
      coderay (~> 1.1.0)
      method_source (~> 0.8.1)
      slop (~> 3.4)
    rack (1.5.2)
    rack-protection (1.5.3)
      rack
    rb-fsevent (0.9.4)
    rb-inotify (0.9.5)
      ffi (>= 0.5.0)
    redis (3.1.0)
    rest-client (1.6.7)
      mime-types (>= 1.16)
    sass (3.3.9)
    sinatra (1.4.5)
      rack (~> 1.4)
      rack-protection (~> 1.4)
      tilt (~> 1.3, >= 1.3.4)
    slop (3.5.0)
    thor (0.19.1)
    tilt (1.4.1)
    timers (1.1.0)
    voidtools (0.3.1)

PLATFORMS
  ruby

DEPENDENCIES
  bitcoin-client!
  blizz
  guard
  guard-coffeescript
  guard-livereload
  guard-sass
  haml
  json
  redis
  sass
  sinatra
  voidtools
